GEM
  remote: http://rubygems.org/
  specs:
    rake (0.9.2.2)
    rmagick (2.13.1)

PLATFORMS
  ruby

DEPENDENCIES
  rake (~> 0.9.2)
  rmagick (~> 2.13.1)
